PATH
  remote: .
  specs:
    podcast_press (0.0.1)
      taglib-ruby (~> 0.5.0)

GEM
  remote: https://rubygems.org/
  specs:
    columnize (0.3.1)
    debugger (1.1.3)
      columnize (>= 0.3.1)
      debugger-linecache (~> 1.1.1)
      debugger-ruby_core_source (~> 1.1.2)
    debugger-linecache (1.1.1)
      debugger-ruby_core_source (>= 1.1.1)
    debugger-ruby_core_source (1.1.2)
    taglib-ruby (0.5.0)

PLATFORMS
  ruby

DEPENDENCIES
  debugger
  podcast_press!
