PATH
  remote: ../..
  specs:
    podcast_press (0.0.2)
      aws-s3 (~> 0.6.3)
      commander (~> 4.1.2)
      dotenv (~> 0.5.0)
      taglib-ruby (~> 0.5.0)

GEM
  specs:
    aws-s3 (0.6.3)
      builder
      mime-types
      xml-simple
    builder (3.1.4)
    commander (4.1.3)
      highline (~> 1.6.11)
    dotenv (0.5.0)
    highline (1.6.15)
    mime-types (1.21)
    taglib-ruby (0.5.2)
    xml-simple (1.1.2)

PLATFORMS
  ruby

DEPENDENCIES
  podcast_press!
